STORAGE: NONE
RESTRICTION: == net50
NUGET
  remote: https://api.nuget.org/v3/index.json
    Accord (3.8)
    Accord.MachineLearning (3.8)
      Accord (>= 3.8)
      Accord.Math (>= 3.8)
      Accord.Statistics (>= 3.8)
    Accord.Math (3.8)
      Accord (>= 3.8)
    Accord.Statistics (3.8)
      Accord (>= 3.8)
      Accord.Math (>= 3.8)
    Deedle (2.3)
      FSharp.Core (>= 4.5.2)
    Fable.Core (3.2.6)
      FSharp.Core (>= 4.7.2)
    FParsec (1.1.1)
      FSharp.Core (>= 4.3.4)
    FSharp.Core (5.0.1)
    Newtonsoft.Json (13.0.1)
    Thoth.Json.Net (5.0)
      Fable.Core (>= 3.0 < 4.0)
      FSharp.Core (>= 4.7.2)
      Newtonsoft.Json (>= 11.0.2)

GROUP test
STORAGE: NONE
RESTRICTION: == net50
NUGET
  remote: https://api.nuget.org/v3/index.json
    FSharp.Core (5.0.1)
    FsUnit (4.0.4)
      FSharp.Core (>= 4.3.4)
      NETStandard.Library (>= 2.0.3)
      NUnit (>= 3.13 < 4.0)
    FsUnit.xUnit (4.0.4)
      FSharp.Core (>= 4.3.4)
      NETStandard.Library (>= 2.0.3)
      NHamcrest (>= 2.0.1 < 2.1)
      xunit (>= 2.4.1 < 2.5)
    Microsoft.CodeCoverage (16.9.4)
    Microsoft.NET.Test.Sdk (16.9.4)
      Microsoft.CodeCoverage (>= 16.9.4)
      Microsoft.TestPlatform.TestHost (>= 16.9.4)
    Microsoft.NETCore.Platforms (5.0.2)
    Microsoft.TestPlatform.ObjectModel (16.9.4)
      NuGet.Frameworks (>= 5.0)
      System.Reflection.Metadata (>= 1.6)
    Microsoft.TestPlatform.TestHost (16.9.4)
      Microsoft.TestPlatform.ObjectModel (>= 16.9.4)
      Newtonsoft.Json (>= 9.0.1)
    NETStandard.Library (2.0.3)
      Microsoft.NETCore.Platforms (>= 1.1)
    Newtonsoft.Json (13.0.1)
    NHamcrest (2.0.1)
      NETStandard.Library (>= 1.6.1)
    NuGet.Frameworks (5.9.1)
    NUnit (3.13.1)
      NETStandard.Library (>= 2.0)
    System.Reflection.Metadata (5.0)
    xunit (2.4.1)
      xunit.analyzers (>= 0.10)
      xunit.assert (2.4.1)
      xunit.core (2.4.1)
    xunit.abstractions (2.0.3)
    xunit.analyzers (0.10)
    xunit.assert (2.4.1)
      NETStandard.Library (>= 1.6.1)
    xunit.core (2.4.1)
      xunit.extensibility.core (2.4.1)
      xunit.extensibility.execution (2.4.1)
    xunit.extensibility.core (2.4.1)
      NETStandard.Library (>= 1.6.1)
      xunit.abstractions (>= 2.0.3)
    xunit.extensibility.execution (2.4.1)
      NETStandard.Library (>= 1.6.1)
      xunit.extensibility.core (2.4.1)
    xunit.runner.visualstudio (2.4.3)
