STORAGE: NONE
RESTRICTION: == netcoreapp3.1
NUGET
  remote: https://kmddk.pkgs.visualstudio.com/45c29cd0-03bf-4f63-ac71-3c366095dda9/_packaging/KMD_Package_Feed/nuget/v2
    Fable.Core (3.1.6)
      FSharp.Core (>= 4.7.1)
    FSharp.Core (4.7.2)
    Newtonsoft.Json (12.0.3)
    Thoth.Json.Net (4.1.0)
      Fable.Core (>= 3.0 < 4.0)
      FSharp.Core (>= 4.6.2)
      Newtonsoft.Json (>= 11.0.2)

GROUP Build
STORAGE: NONE
RESTRICTION: == netstandard2.0
NUGET
  remote: https://api.nuget.org/v3/index.json
    BlackFox.VsWhere (1.1)
      FSharp.Core (>= 4.2.3)
      Microsoft.Win32.Registry (>= 4.7)
    Fake.Core.CommandLineParsing (5.20.3)
      FParsec (>= 1.1.1)
      FSharp.Core (>= 4.7.2)
    Fake.Core.Context (5.20.3)
      FSharp.Core (>= 4.7.2)
    Fake.Core.Environment (5.20.3)
      FSharp.Core (>= 4.7.2)
    Fake.Core.FakeVar (5.20.3)
      Fake.Core.Context (>= 5.20.3)
      FSharp.Core (>= 4.7.2)
    Fake.Core.Process (5.20.3)
      Fake.Core.Environment (>= 5.20.3)
      Fake.Core.FakeVar (>= 5.20.3)
      Fake.Core.String (>= 5.20.3)
      Fake.Core.Trace (>= 5.20.3)
      Fake.IO.FileSystem (>= 5.20.3)
      FSharp.Core (>= 4.7.2)
      System.Collections.Immutable (>= 1.7.1)
    Fake.Core.ReleaseNotes (5.20.3)
      Fake.Core.SemVer (>= 5.20.3)
      Fake.Core.String (>= 5.20.3)
      FSharp.Core (>= 4.7.2)
    Fake.Core.SemVer (5.20.3)
      FSharp.Core (>= 4.7.2)
    Fake.Core.String (5.20.3)
      FSharp.Core (>= 4.7.2)
    Fake.Core.Target (5.20.3)
      Fake.Core.CommandLineParsing (>= 5.20.3)
      Fake.Core.Context (>= 5.20.3)
      Fake.Core.Environment (>= 5.20.3)
      Fake.Core.FakeVar (>= 5.20.3)
      Fake.Core.Process (>= 5.20.3)
      Fake.Core.String (>= 5.20.3)
      Fake.Core.Trace (>= 5.20.3)
      FSharp.Control.Reactive (>= 4.4.2)
      FSharp.Core (>= 4.7.2)
    Fake.Core.Tasks (5.20.3)
      Fake.Core.Trace (>= 5.20.3)
      FSharp.Core (>= 4.7.2)
    Fake.Core.Trace (5.20.3)
      Fake.Core.Environment (>= 5.20.3)
      Fake.Core.FakeVar (>= 5.20.3)
      FSharp.Core (>= 4.7.2)
    Fake.Core.Xml (5.20.3)
      Fake.Core.String (>= 5.20.3)
      FSharp.Core (>= 4.7.2)
    Fake.DotNet.Cli (5.20.3)
      Fake.Core.Environment (>= 5.20.3)
      Fake.Core.Process (>= 5.20.3)
      Fake.Core.String (>= 5.20.3)
      Fake.Core.Trace (>= 5.20.3)
      Fake.DotNet.MSBuild (>= 5.20.3)
      Fake.DotNet.NuGet (>= 5.20.3)
      Fake.IO.FileSystem (>= 5.20.3)
      FSharp.Core (>= 4.7.2)
      Mono.Posix.NETStandard (>= 1.0)
      Newtonsoft.Json (>= 12.0.3)
    Fake.DotNet.MSBuild (5.20.3)
      BlackFox.VsWhere (>= 1.1)
      Fake.Core.Environment (>= 5.20.3)
      Fake.Core.Process (>= 5.20.3)
      Fake.Core.String (>= 5.20.3)
      Fake.Core.Trace (>= 5.20.3)
      Fake.IO.FileSystem (>= 5.20.3)
      FSharp.Core (>= 4.7.2)
      MSBuild.StructuredLogger (>= 2.1.176)
    Fake.DotNet.NuGet (5.20.3)
      Fake.Core.Environment (>= 5.20.3)
      Fake.Core.Process (>= 5.20.3)
      Fake.Core.SemVer (>= 5.20.3)
      Fake.Core.String (>= 5.20.3)
      Fake.Core.Tasks (>= 5.20.3)
      Fake.Core.Trace (>= 5.20.3)
      Fake.Core.Xml (>= 5.20.3)
      Fake.IO.FileSystem (>= 5.20.3)
      Fake.Net.Http (>= 5.20.3)
      FSharp.Core (>= 4.7.2)
      Newtonsoft.Json (>= 12.0.3)
      NuGet.Protocol (>= 5.6)
    Fake.IO.FileSystem (5.20.3)
      Fake.Core.String (>= 5.20.3)
      FSharp.Core (>= 4.7.2)
    Fake.Net.Http (5.20.3)
      Fake.Core.Trace (>= 5.20.3)
      FSharp.Core (>= 4.7.2)
    Farmer (1.1.1)
      FSharp.Core (>= 4.7.1)
      Newtonsoft.Json (>= 12.0.2)
    FParsec (1.1.1)
      FSharp.Core (>= 4.3.4)
    FSharp.Control.Reactive (4.4.2)
      FSharp.Core (>= 4.7.2)
      System.Reactive (>= 4.4.1)
    FSharp.Core (4.7.2)
    Microsoft.Build (16.7)
    Microsoft.Build.Framework (16.7)
      System.Security.Permissions (>= 4.7)
    Microsoft.Build.Tasks.Core (16.7)
      Microsoft.Build.Framework (>= 16.7)
      Microsoft.Build.Utilities.Core (>= 16.7)
      Microsoft.Win32.Registry (>= 4.3)
      System.CodeDom (>= 4.4)
      System.Collections.Immutable (>= 1.5)
      System.Reflection.Metadata (>= 1.6)
      System.Reflection.TypeExtensions (>= 4.1)
      System.Resources.Extensions (>= 4.6)
      System.Security.Permissions (>= 4.7)
      System.Threading.Tasks.Dataflow (>= 4.9)
    Microsoft.Build.Tasks.Git (1.0)
    Microsoft.Build.Utilities.Core (16.7)
      Microsoft.Build.Framework (>= 16.7)
      Microsoft.Win32.Registry (>= 4.3)
      System.Collections.Immutable (>= 1.5)
      System.Security.Permissions (>= 4.7)
      System.Text.Encoding.CodePages (>= 4.0.1)
    Microsoft.NETCore.Platforms (3.1.3)
    Microsoft.NETCore.Targets (3.1)
    Microsoft.SourceLink.Common (1.0)
    Microsoft.SourceLink.GitHub (1.0)
      Microsoft.Build.Tasks.Git (>= 1.0)
      Microsoft.SourceLink.Common (>= 1.0)
    Microsoft.Win32.Primitives (4.3)
      Microsoft.NETCore.Platforms (>= 1.1)
      Microsoft.NETCore.Targets (>= 1.1)
      System.Runtime (>= 4.3)
    Microsoft.Win32.Registry (4.7)
      System.Buffers (>= 4.5)
      System.Memory (>= 4.5.3)
      System.Security.AccessControl (>= 4.7)
      System.Security.Principal.Windows (>= 4.7)
    Mono.Posix.NETStandard (1.0)
    MSBuild.StructuredLogger (2.1.176)
      Microsoft.Build (>= 16.4)
      Microsoft.Build.Framework (>= 16.4)
      Microsoft.Build.Tasks.Core (>= 16.4)
      Microsoft.Build.Utilities.Core (>= 16.4)
      Microsoft.SourceLink.GitHub (>= 1.0)
    Newtonsoft.Json (12.0.3)
    NuGet.Common (5.7)
      NuGet.Frameworks (>= 5.7)
      System.Diagnostics.Process (>= 4.3)
      System.Threading.Thread (>= 4.3)
    NuGet.Configuration (5.7)
      NuGet.Common (>= 5.7)
      System.Security.Cryptography.ProtectedData (>= 4.3)
    NuGet.Frameworks (5.7)
    NuGet.Packaging (5.7)
      Newtonsoft.Json (>= 9.0.1)
      NuGet.Configuration (>= 5.7)
      NuGet.Versioning (>= 5.7)
      System.Dynamic.Runtime (>= 4.3)
      System.Security.Cryptography.Cng (>= 5.0.0-preview.3.20214.6)
      System.Security.Cryptography.Pkcs (>= 5.0.0-preview.3.20214.6)
    NuGet.Protocol (5.7)
      NuGet.Packaging (>= 5.7)
      System.Dynamic.Runtime (>= 4.3)
    NuGet.Versioning (5.7)
    runtime.native.System (4.3.1)
      Microsoft.NETCore.Platforms (>= 1.1.1)
      Microsoft.NETCore.Targets (>= 1.1.3)
    System.Buffers (4.5.1)
    System.CodeDom (4.7)
    System.Collections (4.3)
      Microsoft.NETCore.Platforms (>= 1.1)
      Microsoft.NETCore.Targets (>= 1.1)
      System.Runtime (>= 4.3)
    System.Collections.Immutable (1.7.1)
      System.Memory (>= 4.5.4)
    System.Diagnostics.Debug (4.3)
      Microsoft.NETCore.Platforms (>= 1.1)
      Microsoft.NETCore.Targets (>= 1.1)
      System.Runtime (>= 4.3)
    System.Diagnostics.Process (4.3)
      Microsoft.NETCore.Platforms (>= 1.1)
      Microsoft.Win32.Primitives (>= 4.3)
      Microsoft.Win32.Registry (>= 4.3)
      runtime.native.System (>= 4.3)
      System.Collections (>= 4.3)
      System.Diagnostics.Debug (>= 4.3)
      System.Globalization (>= 4.3)
      System.IO (>= 4.3)
      System.IO.FileSystem (>= 4.3)
      System.IO.FileSystem.Primitives (>= 4.3)
      System.Resources.ResourceManager (>= 4.3)
      System.Runtime (>= 4.3)
      System.Runtime.Extensions (>= 4.3)
      System.Runtime.Handles (>= 4.3)
      System.Runtime.InteropServices (>= 4.3)
      System.Text.Encoding (>= 4.3)
      System.Text.Encoding.Extensions (>= 4.3)
      System.Threading (>= 4.3)
      System.Threading.Tasks (>= 4.3)
      System.Threading.Thread (>= 4.3)
      System.Threading.ThreadPool (>= 4.3)
    System.Dynamic.Runtime (4.3)
      System.Collections (>= 4.3)
      System.Diagnostics.Debug (>= 4.3)
      System.Linq (>= 4.3)
      System.Linq.Expressions (>= 4.3)
      System.ObjectModel (>= 4.3)
      System.Reflection (>= 4.3)
      System.Reflection.Emit (>= 4.3)
      System.Reflection.Emit.ILGeneration (>= 4.3)
      System.Reflection.Primitives (>= 4.3)
      System.Reflection.TypeExtensions (>= 4.3)
      System.Resources.ResourceManager (>= 4.3)
      System.Runtime (>= 4.3)
      System.Runtime.Extensions (>= 4.3)
      System.Threading (>= 4.3)
    System.Formats.Asn1 (5.0.0-preview.8.20407.11)
      System.Buffers (>= 4.5.1)
      System.Memory (>= 4.5.4)
    System.Globalization (4.3)
      Microsoft.NETCore.Platforms (>= 1.1)
      Microsoft.NETCore.Targets (>= 1.1)
      System.Runtime (>= 4.3)
    System.IO (4.3)
      Microsoft.NETCore.Platforms (>= 1.1)
      Microsoft.NETCore.Targets (>= 1.1)
      System.Runtime (>= 4.3)
      System.Text.Encoding (>= 4.3)
      System.Threading.Tasks (>= 4.3)
    System.IO.FileSystem (4.3)
      Microsoft.NETCore.Platforms (>= 1.1)
      Microsoft.NETCore.Targets (>= 1.1)
      System.IO (>= 4.3)
      System.IO.FileSystem.Primitives (>= 4.3)
      System.Runtime (>= 4.3)
      System.Runtime.Handles (>= 4.3)
      System.Text.Encoding (>= 4.3)
      System.Threading.Tasks (>= 4.3)
    System.IO.FileSystem.Primitives (4.3)
      System.Runtime (>= 4.3)
    System.Linq (4.3)
      System.Collections (>= 4.3)
      System.Diagnostics.Debug (>= 4.3)
      System.Resources.ResourceManager (>= 4.3)
      System.Runtime (>= 4.3)
      System.Runtime.Extensions (>= 4.3)
    System.Linq.Expressions (4.3)
      System.Collections (>= 4.3)
      System.Diagnostics.Debug (>= 4.3)
      System.Globalization (>= 4.3)
      System.IO (>= 4.3)
      System.Linq (>= 4.3)
      System.ObjectModel (>= 4.3)
      System.Reflection (>= 4.3)
      System.Reflection.Emit (>= 4.3)
      System.Reflection.Emit.ILGeneration (>= 4.3)
      System.Reflection.Emit.Lightweight (>= 4.3)
      System.Reflection.Extensions (>= 4.3)
      System.Reflection.Primitives (>= 4.3)
      System.Reflection.TypeExtensions (>= 4.3)
      System.Resources.ResourceManager (>= 4.3)
      System.Runtime (>= 4.3)
      System.Runtime.Extensions (>= 4.3)
      System.Threading (>= 4.3)
    System.Memory (4.5.4)
      System.Buffers (>= 4.5.1)
      System.Numerics.Vectors (>= 4.4)
      System.Runtime.CompilerServices.Unsafe (>= 4.5.3)
    System.Numerics.Vectors (4.5)
    System.ObjectModel (4.3)
      System.Collections (>= 4.3)
      System.Diagnostics.Debug (>= 4.3)
      System.Resources.ResourceManager (>= 4.3)
      System.Runtime (>= 4.3)
      System.Threading (>= 4.3)
    System.Reactive (4.4.1)
      System.Runtime.InteropServices.WindowsRuntime (>= 4.3)
      System.Threading.Tasks.Extensions (>= 4.5.4)
    System.Reflection (4.3)
      Microsoft.NETCore.Platforms (>= 1.1)
      Microsoft.NETCore.Targets (>= 1.1)
      System.IO (>= 4.3)
      System.Reflection.Primitives (>= 4.3)
      System.Runtime (>= 4.3)
    System.Reflection.Emit (4.7)
      System.Reflection.Emit.ILGeneration (>= 4.7)
    System.Reflection.Emit.ILGeneration (4.7)
    System.Reflection.Emit.Lightweight (4.7)
      System.Reflection.Emit.ILGeneration (>= 4.7)
    System.Reflection.Extensions (4.3)
      Microsoft.NETCore.Platforms (>= 1.1)
      Microsoft.NETCore.Targets (>= 1.1)
      System.Reflection (>= 4.3)
      System.Runtime (>= 4.3)
    System.Reflection.Metadata (1.8.1)
      System.Collections.Immutable (>= 1.7.1)
    System.Reflection.Primitives (4.3)
      Microsoft.NETCore.Platforms (>= 1.1)
      Microsoft.NETCore.Targets (>= 1.1)
      System.Runtime (>= 4.3)
    System.Reflection.TypeExtensions (4.7)
    System.Resources.Extensions (4.7.1)
      System.Memory (>= 4.5.4)
    System.Resources.ResourceManager (4.3)
      Microsoft.NETCore.Platforms (>= 1.1)
      Microsoft.NETCore.Targets (>= 1.1)
      System.Globalization (>= 4.3)
      System.Reflection (>= 4.3)
      System.Runtime (>= 4.3)
    System.Runtime (4.3.1)
      Microsoft.NETCore.Platforms (>= 1.1.1)
      Microsoft.NETCore.Targets (>= 1.1.3)
    System.Runtime.CompilerServices.Unsafe (4.7.1)
    System.Runtime.Extensions (4.3.1)
      Microsoft.NETCore.Platforms (>= 1.1.1)
      Microsoft.NETCore.Targets (>= 1.1.3)
      System.Runtime (>= 4.3.1)
    System.Runtime.Handles (4.3)
      Microsoft.NETCore.Platforms (>= 1.1)
      Microsoft.NETCore.Targets (>= 1.1)
      System.Runtime (>= 4.3)
    System.Runtime.InteropServices (4.3)
      Microsoft.NETCore.Platforms (>= 1.1)
      Microsoft.NETCore.Targets (>= 1.1)
      System.Reflection (>= 4.3)
      System.Reflection.Primitives (>= 4.3)
      System.Runtime (>= 4.3)
      System.Runtime.Handles (>= 4.3)
    System.Runtime.InteropServices.WindowsRuntime (4.3)
      System.Runtime (>= 4.3)
    System.Security.AccessControl (4.7)
      System.Security.Principal.Windows (>= 4.7)
    System.Security.Cryptography.Cng (5.0.0-preview.8.20407.11)
    System.Security.Cryptography.Pkcs (5.0.0-preview.8.20407.11)
      System.Buffers (>= 4.5.1)
      System.Formats.Asn1 (>= 5.0.0-preview.8.20407.11)
      System.Memory (>= 4.5.4)
      System.Security.Cryptography.Cng (>= 5.0.0-preview.8.20407.11)
    System.Security.Cryptography.ProtectedData (4.7)
      System.Memory (>= 4.5.3)
    System.Security.Permissions (4.7)
      System.Security.AccessControl (>= 4.7)
    System.Security.Principal.Windows (4.7)
    System.Text.Encoding (4.3)
      Microsoft.NETCore.Platforms (>= 1.1)
      Microsoft.NETCore.Targets (>= 1.1)
      System.Runtime (>= 4.3)
    System.Text.Encoding.CodePages (4.7.1)
      System.Runtime.CompilerServices.Unsafe (>= 4.7.1)
    System.Text.Encoding.Extensions (4.3)
      Microsoft.NETCore.Platforms (>= 1.1)
      Microsoft.NETCore.Targets (>= 1.1)
      System.Runtime (>= 4.3)
      System.Text.Encoding (>= 4.3)
    System.Threading (4.3)
      System.Runtime (>= 4.3)
      System.Threading.Tasks (>= 4.3)
    System.Threading.Tasks (4.3)
      Microsoft.NETCore.Platforms (>= 1.1)
      Microsoft.NETCore.Targets (>= 1.1)
      System.Runtime (>= 4.3)
    System.Threading.Tasks.Dataflow (4.11.1)
    System.Threading.Tasks.Extensions (4.5.4)
      System.Runtime.CompilerServices.Unsafe (>= 4.5.3)
    System.Threading.Thread (4.3)
      System.Runtime (>= 4.3)
    System.Threading.ThreadPool (4.3)
      System.Runtime (>= 4.3)
      System.Runtime.Handles (>= 4.3)

GROUP collectors
STORAGE: NONE
RESTRICTION: == netcoreapp3.1
NUGET
  remote: https://kmddk.pkgs.visualstudio.com/45c29cd0-03bf-4f63-ac71-3c366095dda9/_packaging/KMD_Package_Feed/nuget/v2
    RabbitMQ.Client (6.2.1)
      System.Memory (>= 4.5.4)
      System.Threading.Channels (>= 4.7.1)
    System.Memory (4.5.4)
    System.Threading.Channels (4.7.1)

GROUP core
STORAGE: NONE
RESTRICTION: == netcoreapp3.1
NUGET
  remote: https://kmddk.pkgs.visualstudio.com/45c29cd0-03bf-4f63-ac71-3c366095dda9/_packaging/KMD_Package_Feed/nuget/v2
    Accord (3.8.0)
    Accord.MachineLearning (3.8.0)
      Accord (>= 3.8)
      Accord.Math (>= 3.8)
      Accord.Statistics (>= 3.8)
    Accord.Math (3.8.0)
      Accord (>= 3.8)
    Accord.Statistics (3.8.0)
      Accord (>= 3.8)
      Accord.Math (>= 3.8)
    Deedle (2.3.0)
      FSharp.Core (>= 4.5.2)
    FParsec (1.1.1)
      FSharp.Core (>= 4.3.4)
    FSharp.Core (4.7.2)

GROUP docker
STORAGE: NONE
RESTRICTION: == netcoreapp3.1
NUGET
  remote: https://kmddk.pkgs.visualstudio.com/45c29cd0-03bf-4f63-ac71-3c366095dda9/_packaging/KMD_Package_Feed/nuget/v2
    Accord (3.8.0)
    Accord.MachineLearning (3.8.0)
      Accord (>= 3.8)
      Accord.Math (>= 3.8)
      Accord.Statistics (>= 3.8)
    Accord.Math (3.8.0)
      Accord (>= 3.8)
    Accord.Statistics (3.8.0)
      Accord (>= 3.8)
      Accord.Math (>= 3.8)
    Deedle (2.3.0)
      FSharp.Core (>= 4.5.2)
    Fable.Core (3.1.6)
      FSharp.Core (>= 4.7.1)
    FParsec (1.1.1)
      FSharp.Core (>= 4.3.4)
    FSharp.Control.Websockets (0.2.2)
      FSharp.Core (>= 4.3.4)
      Microsoft.IO.RecyclableMemoryStream (>= 1.2.2)
    FSharp.Core (4.7.2)
    FSharp.Data (3.3.3)
      FSharp.Core (>= 4.3.4)
    Giraffe (4.1.0)
      FSharp.Core (>= 4.7)
      Microsoft.IO.RecyclableMemoryStream (>= 1.2.2)
      Newtonsoft.Json (>= 12.0.2)
      TaskBuilder.fs (>= 2.1)
      Utf8Json (>= 1.3.7)
    hobbes.core (1.2020.287.57508)
      Accord.MachineLearning
      Deedle
      FParsec
      Thoth.Json.Net
    hobbes.messaging (1.2020.287.57496)
      FSharp.Core
      FSharp.Data
      Newtonsoft.Json
      RabbitMQ.Client
    hobbes.web (1.2020.287.57503)
      FSharp.Data
      Giraffe
      Newtonsoft.Json
      Saturn (0.13.1)
      Thoth.Json.Net
    Microsoft.AspNetCore.Authentication.JwtBearer (3.1.9)
      Microsoft.IdentityModel.Protocols.OpenIdConnect (>= 5.5)
    Microsoft.CSharp (4.7.0)
    Microsoft.IdentityModel.JsonWebTokens (6.8.0)
      Microsoft.IdentityModel.Tokens (>= 6.8)
    Microsoft.IdentityModel.Logging (6.8.0)
    Microsoft.IdentityModel.Protocols (6.8.0)
      Microsoft.IdentityModel.Logging (>= 6.8)
      Microsoft.IdentityModel.Tokens (>= 6.8)
    Microsoft.IdentityModel.Protocols.OpenIdConnect (6.8.0)
      Microsoft.IdentityModel.Protocols (>= 6.8)
      System.IdentityModel.Tokens.Jwt (>= 6.8)
    Microsoft.IdentityModel.Tokens (6.8.0)
      Microsoft.CSharp (>= 4.5)
      Microsoft.IdentityModel.Logging (>= 6.8)
      System.Security.Cryptography.Cng (>= 4.5)
    Microsoft.IO.RecyclableMemoryStream (1.3.5)
    Microsoft.NETCore.Platforms (3.1.3)
    NETStandard.Library (2.0.3)
      Microsoft.NETCore.Platforms (>= 1.1)
    Newtonsoft.Json (12.0.3)
    RabbitMQ.Client (6.2.1)
      System.Memory (>= 4.5.4)
      System.Threading.Channels (>= 4.7.1)
    Saturn (0.13.1)
      FSharp.Control.Websockets (>= 0.2.2)
      FSharp.Core (>= 4.7.1)
      Giraffe (>= 4.1)
      Microsoft.AspNetCore.Authentication.JwtBearer (>= 3.0.3)
      System.Threading.Tasks.Dataflow (>= 4.11)
    System.IdentityModel.Tokens.Jwt (6.8.0)
      Microsoft.IdentityModel.JsonWebTokens (>= 6.8)
      Microsoft.IdentityModel.Tokens (>= 6.8)
    System.Memory (4.5.4)
    System.Reflection.Emit (4.7.0)
    System.Reflection.Emit.Lightweight (4.7.0)
    System.Security.Cryptography.Cng (4.7.0)
    System.Threading.Channels (4.7.1)
    System.Threading.Tasks.Dataflow (4.11.1)
    System.Threading.Tasks.Extensions (4.5.4)
    System.ValueTuple (4.5.0)
    TaskBuilder.fs (2.1.0)
      FSharp.Core (>= 4.1.17)
      NETStandard.Library (>= 1.6.1)
      System.ValueTuple (>= 4.4)
    Thoth.Json.Net (4.1.0)
      Fable.Core (>= 3.0 < 4.0)
      FSharp.Core (>= 4.6.2)
      Newtonsoft.Json (>= 11.0.2)
    Utf8Json (1.3.7)
      System.Reflection.Emit (>= 4.3)
      System.Reflection.Emit.Lightweight (>= 4.3)
      System.Threading.Tasks.Extensions (>= 4.4)
      System.ValueTuple (>= 4.4)

GROUP test
STORAGE: NONE
RESTRICTION: == netcoreapp3.1
NUGET
  remote: https://kmddk.pkgs.visualstudio.com/45c29cd0-03bf-4f63-ac71-3c366095dda9/_packaging/KMD_Package_Feed/nuget/v2
    FSharp.Core (4.7.2)
    FsUnit (4.0.1)
      FSharp.Core (>= 4.3.4)
      NETStandard.Library (>= 2.0.3)
      NUnit (>= 3.12 < 4.0)
    FsUnit.xUnit (4.0.1)
      FSharp.Core (>= 4.3.4)
      NETStandard.Library (>= 2.0.3)
      NHamcrest (>= 2.0.1 < 2.1)
      xunit (>= 2.4.1 < 2.5)
    Microsoft.CodeCoverage (16.7.1)
    Microsoft.NET.Test.Sdk (16.7.1)
      Microsoft.CodeCoverage (>= 16.7.1)
      Microsoft.TestPlatform.TestHost (>= 16.7.1)
    Microsoft.NETCore.Platforms (3.1.3)
    Microsoft.TestPlatform.ObjectModel (16.7.1)
      NuGet.Frameworks (>= 5.0)
    Microsoft.TestPlatform.TestHost (16.7.1)
      Microsoft.TestPlatform.ObjectModel (>= 16.7.1)
      Newtonsoft.Json (>= 9.0.1)
    NETStandard.Library (2.0.3)
      Microsoft.NETCore.Platforms (>= 1.1)
    Newtonsoft.Json (12.0.3)
    NHamcrest (2.0.1)
      NETStandard.Library (>= 1.6.1)
    NuGet.Frameworks (5.7.0+b804bf4ba62c0b47c77bbf3e22e196b57cd7a556)
    NUnit (3.12.0)
      NETStandard.Library (>= 2.0)
    xunit (2.4.1)
      xunit.analyzers (>= 0.10)
      xunit.assert (2.4.1)
      xunit.core (2.4.1)
    xunit.abstractions (2.0.3)
    xunit.analyzers (0.10.0)
    xunit.assert (2.4.1)
      NETStandard.Library (>= 1.6.1)
    xunit.core (2.4.1)
      xunit.extensibility.core (2.4.1)
      xunit.extensibility.execution (2.4.1)
    xunit.extensibility.core (2.4.1)
      NETStandard.Library (>= 1.6.1)
      xunit.abstractions (>= 2.0.3)
    xunit.extensibility.execution (2.4.1)
      NETStandard.Library (>= 1.6.1)
      xunit.extensibility.core (2.4.1)
    xunit.runner.visualstudio (2.4.3)

GROUP tutorial
STORAGE: NONE
RESTRICTION: == netcoreapp3.1
NUGET
  remote: https://kmddk.pkgs.visualstudio.com/45c29cd0-03bf-4f63-ac71-3c366095dda9/_packaging/KMD_Package_Feed/nuget/v2
    FSharp.Compiler.Service (37.0.0)
      FSharp.Core (>= 4.6.2)
      Microsoft.Build.Framework (>= 16.6)
      Microsoft.Build.Tasks.Core (>= 16.6)
      Microsoft.Build.Utilities.Core (>= 16.6)
      System.Buffers (>= 4.5)
      System.Collections.Immutable (>= 1.5)
      System.Memory (>= 4.5.3)
      System.Reflection.Emit (>= 4.3)
      System.Reflection.Metadata (>= 1.6)
      System.Reflection.TypeExtensions (>= 4.3)
      System.Runtime.Loader (>= 4.0)
    FSharp.Core (4.7.2)
    FSharp.Formatting (7.2.9)
      FSharp.Compiler.Service (>= 36.0.3)
    Microsoft.Build.Framework (16.7.0)
      System.Security.Permissions (>= 4.7)
    Microsoft.Build.Tasks.Core (16.7.0)
      Microsoft.Build.Framework (>= 16.7)
      Microsoft.Build.Utilities.Core (>= 16.7)
      Microsoft.Win32.Registry (>= 4.3)
      System.CodeDom (>= 4.4)
      System.Collections.Immutable (>= 1.5)
      System.Reflection.Metadata (>= 1.6)
      System.Reflection.TypeExtensions (>= 4.1)
      System.Resources.Extensions (>= 4.6)
      System.Security.Permissions (>= 4.7)
      System.Threading.Tasks.Dataflow (>= 4.9)
    Microsoft.Build.Utilities.Core (16.7.0)
      Microsoft.Build.Framework (>= 16.7)
      Microsoft.Win32.Registry (>= 4.3)
      System.Collections.Immutable (>= 1.5)
      System.Security.Permissions (>= 4.7)
      System.Text.Encoding.CodePages (>= 4.0.1)
    Microsoft.NETCore.Platforms (3.1.3)
    Microsoft.NETCore.Targets (3.1.0)
    Microsoft.Win32.Registry (4.7.0)
      System.Security.AccessControl (>= 4.7)
      System.Security.Principal.Windows (>= 4.7)
    Microsoft.Win32.SystemEvents (4.7.0)
      Microsoft.NETCore.Platforms (>= 3.1)
    System.Buffers (4.5.1)
    System.CodeDom (4.7.0)
    System.Collections.Immutable (1.7.1)
    System.Drawing.Common (4.7.0)
      Microsoft.NETCore.Platforms (>= 3.1)
      Microsoft.Win32.SystemEvents (>= 4.7)
    System.IO (4.3.0)
      Microsoft.NETCore.Platforms (>= 1.1)
      Microsoft.NETCore.Targets (>= 1.1)
      System.Runtime (>= 4.3)
      System.Text.Encoding (>= 4.3)
      System.Threading.Tasks (>= 4.3)
    System.Memory (4.5.4)
    System.Reflection (4.3.0)
      Microsoft.NETCore.Platforms (>= 1.1)
      Microsoft.NETCore.Targets (>= 1.1)
      System.IO (>= 4.3)
      System.Reflection.Primitives (>= 4.3)
      System.Runtime (>= 4.3)
    System.Reflection.Emit (4.7.0)
    System.Reflection.Metadata (1.8.1)
    System.Reflection.Primitives (4.3.0)
      Microsoft.NETCore.Platforms (>= 1.1)
      Microsoft.NETCore.Targets (>= 1.1)
      System.Runtime (>= 4.3)
    System.Reflection.TypeExtensions (4.7.0)
    System.Resources.Extensions (4.7.1)
    System.Runtime (4.3.1)
      Microsoft.NETCore.Platforms (>= 1.1.1)
      Microsoft.NETCore.Targets (>= 1.1.3)
    System.Runtime.Loader (4.3.0)
      System.IO (>= 4.3)
      System.Reflection (>= 4.3)
      System.Runtime (>= 4.3)
    System.Security.AccessControl (4.7.0)
      Microsoft.NETCore.Platforms (>= 3.1)
      System.Security.Principal.Windows (>= 4.7)
    System.Security.Permissions (4.7.0)
      System.Security.AccessControl (>= 4.7)
      System.Windows.Extensions (>= 4.7)
    System.Security.Principal.Windows (4.7.0)
    System.Text.Encoding (4.3.0)
      Microsoft.NETCore.Platforms (>= 1.1)
      Microsoft.NETCore.Targets (>= 1.1)
      System.Runtime (>= 4.3)
    System.Text.Encoding.CodePages (4.7.1)
      Microsoft.NETCore.Platforms (>= 3.1.1)
    System.Threading.Tasks (4.3.0)
      Microsoft.NETCore.Platforms (>= 1.1)
      Microsoft.NETCore.Targets (>= 1.1)
      System.Runtime (>= 4.3)
    System.Threading.Tasks.Dataflow (4.11.1)
    System.Windows.Extensions (4.7.0)
      System.Drawing.Common (>= 4.7)

GROUP visualizer
STORAGE: NONE
RESTRICTION: == netcoreapp3.1
NUGET
  remote: https://kmddk.pkgs.visualstudio.com/45c29cd0-03bf-4f63-ac71-3c366095dda9/_packaging/KMD_Package_Feed/nuget/v2
    Accord (3.8.0)
    Accord.MachineLearning (3.8.0)
      Accord (>= 3.8)
      Accord.Math (>= 3.8)
      Accord.Statistics (>= 3.8)
    Accord.Math (3.8.0)
      Accord (>= 3.8)
    Accord.Statistics (3.8.0)
      Accord (>= 3.8)
      Accord.Math (>= 3.8)
    Deedle (2.3.0)
      FSharp.Core (>= 4.5.2)
    FParsec (1.1.1)
      FSharp.Core (>= 4.3.4)
    FSharp.Compiler.Service (37.0.0)
      FSharp.Core (>= 4.6.2)
      Microsoft.Build.Framework (>= 16.6)
      Microsoft.Build.Tasks.Core (>= 16.6)
      Microsoft.Build.Utilities.Core (>= 16.6)
      System.Buffers (>= 4.5)
      System.Collections.Immutable (>= 1.5)
      System.Memory (>= 4.5.3)
      System.Reflection.Emit (>= 4.3)
      System.Reflection.Metadata (>= 1.6)
      System.Reflection.TypeExtensions (>= 4.3)
      System.Runtime.Loader (>= 4.0)
    FSharp.Core (4.7.2)
    FSharp.Data (3.3.3)
      FSharp.Core (>= 4.3.4)
    FSharp.Formatting (7.2.9)
      FSharp.Compiler.Service (>= 36.0.3)
    Google.DataTable.Net.Wrapper (4.0.0)
    MathNet.Numerics (4.12.0)
    MathNet.Numerics.FSharp (4.12.0)
      FSharp.Core (>= 4.3.3)
      MathNet.Numerics (>= 4.12)
    Microsoft.Build.Framework (16.7.0)
      System.Security.Permissions (>= 4.7)
    Microsoft.Build.Tasks.Core (16.7.0)
      Microsoft.Build.Framework (>= 16.7)
      Microsoft.Build.Utilities.Core (>= 16.7)
      Microsoft.Win32.Registry (>= 4.3)
      System.CodeDom (>= 4.4)
      System.Collections.Immutable (>= 1.5)
      System.Reflection.Metadata (>= 1.6)
      System.Reflection.TypeExtensions (>= 4.1)
      System.Resources.Extensions (>= 4.6)
      System.Security.Permissions (>= 4.7)
      System.Threading.Tasks.Dataflow (>= 4.9)
    Microsoft.Build.Utilities.Core (16.7.0)
      Microsoft.Build.Framework (>= 16.7)
      Microsoft.Win32.Registry (>= 4.3)
      System.Collections.Immutable (>= 1.5)
      System.Security.Permissions (>= 4.7)
      System.Text.Encoding.CodePages (>= 4.0.1)
    Microsoft.NETCore.Platforms (3.1.3)
    Microsoft.NETCore.Targets (3.1.0)
    Microsoft.Win32.Registry (4.7.0)
      System.Security.AccessControl (>= 4.7)
      System.Security.Principal.Windows (>= 4.7)
    Microsoft.Win32.SystemEvents (4.7.0)
      Microsoft.NETCore.Platforms (>= 3.1)
    Newtonsoft.Json (12.0.3)
    System.Buffers (4.5.1)
    System.CodeDom (4.7.0)
    System.Collections.Immutable (1.7.1)
    System.Drawing.Common (4.7.0)
      Microsoft.NETCore.Platforms (>= 3.1)
      Microsoft.Win32.SystemEvents (>= 4.7)
    System.IO (4.3.0)
      Microsoft.NETCore.Platforms (>= 1.1)
      Microsoft.NETCore.Targets (>= 1.1)
      System.Runtime (>= 4.3)
      System.Text.Encoding (>= 4.3)
      System.Threading.Tasks (>= 4.3)
    System.Memory (4.5.4)
    System.Reflection (4.3.0)
      Microsoft.NETCore.Platforms (>= 1.1)
      Microsoft.NETCore.Targets (>= 1.1)
      System.IO (>= 4.3)
      System.Reflection.Primitives (>= 4.3)
      System.Runtime (>= 4.3)
    System.Reflection.Emit (4.7.0)
    System.Reflection.Metadata (1.8.1)
    System.Reflection.Primitives (4.3.0)
      Microsoft.NETCore.Platforms (>= 1.1)
      Microsoft.NETCore.Targets (>= 1.1)
      System.Runtime (>= 4.3)
    System.Reflection.TypeExtensions (4.7.0)
    System.Resources.Extensions (4.7.1)
    System.Runtime (4.3.1)
      Microsoft.NETCore.Platforms (>= 1.1.1)
      Microsoft.NETCore.Targets (>= 1.1.3)
    System.Runtime.Loader (4.3.0)
      System.IO (>= 4.3)
      System.Reflection (>= 4.3)
      System.Runtime (>= 4.3)
    System.Security.AccessControl (4.7.0)
      Microsoft.NETCore.Platforms (>= 3.1)
      System.Security.Principal.Windows (>= 4.7)
    System.Security.Permissions (4.7.0)
      System.Security.AccessControl (>= 4.7)
      System.Windows.Extensions (>= 4.7)
    System.Security.Principal.Windows (4.7.0)
    System.Text.Encoding (4.3.0)
      Microsoft.NETCore.Platforms (>= 1.1)
      Microsoft.NETCore.Targets (>= 1.1)
      System.Runtime (>= 4.3)
    System.Text.Encoding.CodePages (4.7.1)
      Microsoft.NETCore.Platforms (>= 3.1.1)
    System.Threading.Tasks (4.3.0)
      Microsoft.NETCore.Platforms (>= 1.1)
      Microsoft.NETCore.Targets (>= 1.1)
      System.Runtime (>= 4.3)
    System.Threading.Tasks.Dataflow (4.11.1)
    System.Windows.Extensions (4.7.0)
      System.Drawing.Common (>= 4.7)
    XPlot.GoogleCharts (3.0.1)
      FSharp.Core (>= 4.5.2)
      Google.DataTable.Net.Wrapper (>= 4.0)
      Newtonsoft.Json (>= 12.0.2)
    XPlot.GoogleCharts.Deedle (3.0.1)
      Deedle (>= 2.1)
      FSharp.Core (>= 4.5.2)
      XPlot.GoogleCharts (>= 3.0.1)
    XPlot.Plotly (3.0.1)
      FSharp.Core (>= 4.5.2)
      Newtonsoft.Json (>= 12.0.2)

GROUP visualizer.web
STORAGE: NONE
RESTRICTION: == netcoreapp3.1
NUGET
  remote: https://kmddk.pkgs.visualstudio.com/45c29cd0-03bf-4f63-ac71-3c366095dda9/_packaging/KMD_Package_Feed/nuget/v2
    Expecto (9.0.2)
      FSharp.Core (>= 4.6)
      Mono.Cecil (>= 0.11.2)
    Fable.Browser.Blob (1.1.0)
      Fable.Core (>= 3.0)
      FSharp.Core (>= 4.6.2)
    Fable.Browser.Dom (2.1.0)
      Fable.Browser.Blob (>= 1.1)
      Fable.Browser.Event (>= 1.2.1)
      Fable.Browser.WebStorage (>= 1.0)
      Fable.Core (>= 3.0)
      FSharp.Core (>= 4.7.2)
    Fable.Browser.Event (1.2.1)
      Fable.Core (>= 3.0)
      FSharp.Core (>= 4.7)
    Fable.Browser.WebStorage (1.0.0)
      Fable.Browser.Event (>= 1.0)
      Fable.Core (>= 3.0)
      FSharp.Core (>= 4.5.2)
    Fable.Browser.XMLHttpRequest (1.1.2)
      Fable.Browser.Blob (>= 1.1)
      Fable.Browser.Event (>= 1.2.1)
      Fable.Core (>= 3.0)
      FSharp.Core (>= 4.7)
    Fable.Core (3.1.6)
      FSharp.Core (>= 4.7.1)
    Fable.Elmish (3.1.0)
      Fable.Core (>= 3.0)
      FSharp.Core (>= 4.6.2)
    Fable.Elmish.Browser (3.0.4)
      Fable.Browser.Dom (>= 1.0)
      Fable.Core (>= 3.0)
      Fable.Elmish (>= 3.0)
      FSharp.Core (>= 4.6.2)
    Fable.Elmish.Debugger (3.2.0)
      Fable.Core (>= 3.1.5)
      Fable.Elmish (>= 3.0)
      FSharp.Core (>= 4.7)
      Thoth.Json (>= 4.0)
    Fable.Elmish.HMR (4.0.1)
      Fable.Core (>= 3.0)
      Fable.Elmish.Browser (>= 3.0)
      Fable.Elmish.React (>= 3.0.1)
      FSharp.Core (>= 4.6.2)
    Fable.Elmish.React (3.0.1)
      Fable.Core (>= 3.0)
      Fable.Elmish (>= 3.0)
      Fable.React (>= 5.1)
      FSharp.Core (>= 4.6.2)
    Fable.FontAwesome (2.0.0)
      Fable.Core (>= 3.0)
      Fable.React (>= 5.1)
    Fable.FontAwesome.Free (2.1.0)
      Fable.Core (>= 3.0)
      Fable.FontAwesome (>= 2.0)
      Fable.React (>= 5.1)
    Fable.Mocha (2.9.1)
      Fable.Core (>= 3.0)
      FSharp.Core (>= 4.7)
    Fable.Parsimmon (4.1.0)
      Fable.Core (>= 3.0)
      FSharp.Core (>= 4.6.2)
    Fable.React (7.0.1)
      Fable.Browser.Dom (>= 2.0.1)
      Fable.Core (>= 3.1.5)
      FSharp.Core (>= 4.7.1)
    Fable.Recharts (1.1.2)
      Fable.React (>= 5.0)
      FSharp.Core (>= 4.6.2)
    Fable.Remoting.Client (6.12.0)
      Fable.Browser.XMLHttpRequest (>= 1.0)
      Fable.Core (>= 3.1.5)
      Fable.Remoting.MsgPack (>= 1.5)
      Fable.SimpleJson (>= 3.11)
      FSharp.Core (>= 4.7)
    Fable.Remoting.Giraffe (4.11.0)
      Fable.Remoting.Server (>= 5.10)
      FSharp.Core (>= 4.6.2)
      Giraffe (>= 3.6)
    Fable.Remoting.Json (2.12.0)
      FSharp.Core (>= 4.6.2)
      Newtonsoft.Json (>= 12.0.2)
    Fable.Remoting.MsgPack (1.6.0)
      FSharp.Core (>= 4.6.2)
      TypeShape (>= 8.0.1)
    Fable.Remoting.Server (5.10.0)
      Fable.Remoting.Json (>= 2.12)
      Fable.Remoting.MsgPack (>= 1.5)
      FSharp.Core (>= 4.6.2)
      TypeShape (>= 8.0.1)
    Fable.SimpleJson (3.11.0)
      Fable.Core (>= 3.1.5)
      Fable.Parsimmon (>= 4.0)
      FSharp.Core (>= 4.7)
    FSharp.Control.Websockets (0.2.2)
      FSharp.Core (>= 4.3.4)
      Microsoft.IO.RecyclableMemoryStream (>= 1.2.2)
    FSharp.Core (4.7.2)
    Fulma (2.10.0)
      Fable.Core (>= 3.0)
      Fable.React (>= 5.1)
    Giraffe (4.1.0)
      FSharp.Core (>= 4.7)
      Microsoft.IO.RecyclableMemoryStream (>= 1.2.2)
      Newtonsoft.Json (>= 12.0.2)
      TaskBuilder.fs (>= 2.1)
      Utf8Json (>= 1.3.7)
    Microsoft.AspNetCore.Authentication.JwtBearer (3.1.9)
      Microsoft.IdentityModel.Protocols.OpenIdConnect (>= 5.5)
    Microsoft.CSharp (4.7.0)
    Microsoft.IdentityModel.JsonWebTokens (6.8.0)
      Microsoft.IdentityModel.Tokens (>= 6.8)
    Microsoft.IdentityModel.Logging (6.8.0)
    Microsoft.IdentityModel.Protocols (6.8.0)
      Microsoft.IdentityModel.Logging (>= 6.8)
      Microsoft.IdentityModel.Tokens (>= 6.8)
    Microsoft.IdentityModel.Protocols.OpenIdConnect (6.8.0)
      Microsoft.IdentityModel.Protocols (>= 6.8)
      System.IdentityModel.Tokens.Jwt (>= 6.8)
    Microsoft.IdentityModel.Tokens (6.8.0)
      Microsoft.CSharp (>= 4.5)
      Microsoft.IdentityModel.Logging (>= 6.8)
      System.Security.Cryptography.Cng (>= 4.5)
    Microsoft.IO.RecyclableMemoryStream (1.3.5)
    Microsoft.NETCore.Platforms (3.1.3)
    Mono.Cecil (0.11.3)
    NETStandard.Library (2.0.3)
      Microsoft.NETCore.Platforms (>= 1.1)
    Newtonsoft.Json (12.0.3)
    Saturn (0.14.1)
      FSharp.Control.Websockets (>= 0.2.2)
      FSharp.Core (>= 4.7.2)
      Giraffe (>= 4.1)
      Microsoft.AspNetCore.Authentication.JwtBearer (>= 3.0.3)
      System.Threading.Tasks.Dataflow (>= 4.11.1)
    System.IdentityModel.Tokens.Jwt (6.8.0)
      Microsoft.IdentityModel.JsonWebTokens (>= 6.8)
      Microsoft.IdentityModel.Tokens (>= 6.8)
    System.Reflection.Emit (4.7.0)
    System.Reflection.Emit.Lightweight (4.7.0)
    System.Security.Cryptography.Cng (4.7.0)
    System.Threading.Tasks.Dataflow (4.11.1)
    System.Threading.Tasks.Extensions (4.5.4)
    System.ValueTuple (4.5.0)
    TaskBuilder.fs (2.1.0)
      FSharp.Core (>= 4.1.17)
      NETStandard.Library (>= 1.6.1)
      System.ValueTuple (>= 4.4)
    Thoth.Json (5.0.0)
      Fable.Core (>= 3.1.4)
      FSharp.Core (>= 4.7)
    TypeShape (8.0.1)
      FSharp.Core (>= 4.3.4)
      System.Reflection.Emit.Lightweight (>= 4.3)
    Utf8Json (1.3.7)
      System.Reflection.Emit (>= 4.3)
      System.Reflection.Emit.Lightweight (>= 4.3)
      System.Threading.Tasks.Extensions (>= 4.4)
      System.ValueTuple (>= 4.4)

GROUP web
STORAGE: NONE
RESTRICTION: == netcoreapp3.1
NUGET
  remote: https://kmddk.pkgs.visualstudio.com/45c29cd0-03bf-4f63-ac71-3c366095dda9/_packaging/KMD_Package_Feed/nuget/v2
    FSharp.Control.Websockets (0.2.2)
      FSharp.Core (>= 4.3.4)
      Microsoft.IO.RecyclableMemoryStream (>= 1.2.2)
    FSharp.Core (4.7.2)
    FSharp.Data (3.3.3)
      FSharp.Core (>= 4.3.4)
    Giraffe (4.1.0)
      FSharp.Core (>= 4.7)
      Microsoft.IO.RecyclableMemoryStream (>= 1.2.2)
      Newtonsoft.Json (>= 12.0.2)
      TaskBuilder.fs (>= 2.1)
      Utf8Json (>= 1.3.7)
    Microsoft.AspNetCore.Authentication.JwtBearer (3.1.9)
      Microsoft.IdentityModel.Protocols.OpenIdConnect (>= 5.5)
    Microsoft.CSharp (4.7.0)
    Microsoft.Extensions.PlatformAbstractions (1.1.0)
      NETStandard.Library (>= 1.6.1)
      System.Reflection.TypeExtensions (>= 4.3)
    Microsoft.IdentityModel.JsonWebTokens (6.8.0)
      Microsoft.IdentityModel.Tokens (>= 6.8)
    Microsoft.IdentityModel.Logging (6.8.0)
    Microsoft.IdentityModel.Protocols (6.8.0)
      Microsoft.IdentityModel.Logging (>= 6.8)
      Microsoft.IdentityModel.Tokens (>= 6.8)
    Microsoft.IdentityModel.Protocols.OpenIdConnect (6.8.0)
      Microsoft.IdentityModel.Protocols (>= 6.8)
      System.IdentityModel.Tokens.Jwt (>= 6.8)
    Microsoft.IdentityModel.Tokens (6.8.0)
      Microsoft.CSharp (>= 4.5)
      Microsoft.IdentityModel.Logging (>= 6.8)
      System.Security.Cryptography.Cng (>= 4.5)
    Microsoft.IO.RecyclableMemoryStream (1.3.5)
    Microsoft.NETCore.Platforms (3.1.3)
    NETStandard.Library (2.0.3)
      Microsoft.NETCore.Platforms (>= 1.1)
    Newtonsoft.Json (12.0.3)
    Saturn (0.13.1)
      FSharp.Control.Websockets (>= 0.2.2)
      FSharp.Core (>= 4.7.1)
      Giraffe (>= 4.1)
      Microsoft.AspNetCore.Authentication.JwtBearer (>= 3.0.3)
      System.Threading.Tasks.Dataflow (>= 4.11)
    System.IdentityModel.Tokens.Jwt (6.8.0)
      Microsoft.IdentityModel.JsonWebTokens (>= 6.8)
      Microsoft.IdentityModel.Tokens (>= 6.8)
    System.Reflection.Emit (4.7.0)
    System.Reflection.Emit.Lightweight (4.7.0)
    System.Reflection.TypeExtensions (4.7.0)
    System.Security.Cryptography.Cng (4.7.0)
    System.Threading.Tasks.Dataflow (4.11.1)
    System.Threading.Tasks.Extensions (4.5.4)
    System.ValueTuple (4.5.0)
    TaskBuilder.fs (2.1.0)
      FSharp.Core (>= 4.1.17)
      NETStandard.Library (>= 1.6.1)
      System.ValueTuple (>= 4.4)
    Utf8Json (1.3.7)
      System.Reflection.Emit (>= 4.3)
      System.Reflection.Emit.Lightweight (>= 4.3)
      System.Threading.Tasks.Extensions (>= 4.4)
      System.ValueTuple (>= 4.4)

GROUP workbench
STORAGE: NONE
RESTRICTION: == netcoreapp3.1
NUGET
  remote: https://kmddk.pkgs.visualstudio.com/45c29cd0-03bf-4f63-ac71-3c366095dda9/_packaging/KMD_Package_Feed/nuget/v2
    Argu (6.1.1)
      FSharp.Core (>= 4.3.2)
      System.Configuration.ConfigurationManager (>= 4.4)
    FSharp.Core (4.7.2)
    Microsoft.NETCore.Platforms (3.1.3)
    Microsoft.Win32.SystemEvents (4.7.0)
      Microsoft.NETCore.Platforms (>= 3.1)
    System.Configuration.ConfigurationManager (4.7.0)
      System.Security.Cryptography.ProtectedData (>= 4.7)
      System.Security.Permissions (>= 4.7)
    System.Drawing.Common (4.7.0)
      Microsoft.NETCore.Platforms (>= 3.1)
      Microsoft.Win32.SystemEvents (>= 4.7)
    System.Security.AccessControl (4.7.0)
      Microsoft.NETCore.Platforms (>= 3.1)
      System.Security.Principal.Windows (>= 4.7)
    System.Security.Cryptography.ProtectedData (4.7.0)
    System.Security.Permissions (4.7.0)
      System.Security.AccessControl (>= 4.7)
      System.Windows.Extensions (>= 4.7)
    System.Security.Principal.Windows (4.7.0)
    System.Windows.Extensions (4.7.0)
      System.Drawing.Common (>= 4.7)
